GIT
  remote: git://github.com/opscode/rest-client.git
  revision: ba0d12258b77791d8f7d9776d008eb6fa3580ccc
  specs:
    rest-client (1.7.0.alpha)
      mime-types (>= 1.16)
      netrc (~> 0.7.7)
      rdoc (>= 2.4.2)

PATH
  remote: .
  specs:
    oc-chef-pedant (2.2.0)
      activesupport (~> 3.2)
      erubis (~> 2.7)
      mixlib-authentication (~> 1.3)
      mixlib-config (~> 2.0)
      mixlib-shellout (>= 1.1)
      net-http-spy (~> 0.2)
      rest-client (>= 1.6)
      rspec (~> 3.2)
      rspec-legacy_formatters (~> 1.0)
      rspec-rerun (= 0.1.1)
      rspec_junit_formatter (~> 0.2)

GEM
  remote: https://rubygems.org/
  specs:
    activesupport (3.2.22)
      i18n (~> 0.6, >= 0.6.4)
      multi_json (~> 1.0)
    builder (3.2.2)
    coderay (1.1.0)
    diff-lcs (1.2.5)
    erubis (2.7.0)
    i18n (0.7.0)
    json (1.8.2)
    method_source (0.8.2)
    mime-types (2.4.3)
    mixlib-authentication (1.3.0)
      mixlib-log
    mixlib-config (2.2.1)
    mixlib-log (1.6.0)
    mixlib-shellout (2.2.3)
    multi_json (1.11.2)
    net-http-spy (0.2.1)
    netrc (0.7.9)
    pry (0.10.3)
      coderay (~> 1.1.0)
      method_source (~> 0.8.1)
      slop (~> 3.4)
    rdoc (4.2.0)
      json (~> 1.4)
    rspec (3.3.0)
      rspec-core (~> 3.3.0)
      rspec-expectations (~> 3.3.0)
      rspec-mocks (~> 3.3.0)
    rspec-core (3.3.2)
      rspec-support (~> 3.3.0)
    rspec-expectations (3.3.1)
      diff-lcs (>= 1.2.0, < 2.0)
      rspec-support (~> 3.3.0)
    rspec-legacy_formatters (1.0.1)
      rspec (~> 3.0)
    rspec-mocks (3.3.2)
      diff-lcs (>= 1.2.0, < 2.0)
      rspec-support (~> 3.3.0)
    rspec-rerun (0.1.1)
      rspec (>= 2.11.0)
    rspec-support (3.3.0)
    rspec_junit_formatter (0.2.3)
      builder (< 4)
      rspec-core (>= 2, < 4, != 2.12.0)
    slop (3.6.0)

PLATFORMS
  ruby

DEPENDENCIES
  oc-chef-pedant!
  pry
  rest-client!

BUNDLED WITH
   1.10.6
